PATH
  remote: .
  specs:
    capistrano-figaro (1.0.0)
      capistrano (~> 3.1)
      figaro (~> 1.1)

GEM
  remote: https://rubygems.org/
  specs:
    capistrano (3.4.0)
      i18n
      rake (>= 10.0.0)
      sshkit (~> 1.3)
    codeclimate-test-reporter (0.4.7)
      simplecov (>= 0.7.1, < 1.0.0)
    colorize (0.7.7)
    docile (1.1.5)
    figaro (1.1.1)
      thor (~> 0.14)
    i18n (0.7.0)
    json (1.8.3)
    minitest (5.7.0)
    net-scp (1.2.1)
      net-ssh (>= 2.6.5)
    net-ssh (2.9.2)
    rake (10.4.2)
    simplecov (0.10.0)
      docile (~> 1.1.0)
      json (~> 1.8)
      simplecov-html (~> 0.10.0)
    simplecov-html (0.10.0)
    sshkit (1.7.1)
      colorize (>= 0.7.0)
      net-scp (>= 1.1.2)
      net-ssh (>= 2.8.0)
    thor (0.19.1)

PLATFORMS
  ruby

DEPENDENCIES
  bundler (~> 1.10)
  capistrano-figaro!
  codeclimate-test-reporter (~> 0.4)
  minitest (~> 5.7)
  rake (~> 10.4)

BUNDLED WITH
   1.10.5
